GEM
  remote: https://rubygems.org/
  specs:
    builder (3.2.0)
    dotenv (0.9.0)
    foreman (0.63.0)
      dotenv (>= 0.7)
      thor (>= 0.13.6)
    ims-lti (1.1.3)
      builder
      oauth (~> 0.4.5)
      uuid
    macaddr (1.6.1)
      systemu (~> 2.5.0)
    oauth (0.4.7)
    puma (2.0.1)
      rack (>= 1.1, < 2.0)
    rack (1.5.2)
    rack-lti (0.0.2)
      ims-lti (~> 1.1.2)
      rack
    rack-protection (1.5.0)
      rack
    shotgun (0.9)
      rack (>= 1.0)
    sinatra (1.4.2)
      rack (~> 1.5, >= 1.5.2)
      rack-protection (~> 1.4)
      tilt (~> 1.3, >= 1.3.4)
    systemu (2.5.2)
    thor (0.18.1)
    tilt (1.4.1)
    uuid (2.3.7)
      macaddr (~> 1.0)

PLATFORMS
  ruby

DEPENDENCIES
  foreman
  puma
  rack-lti
  shotgun
  sinatra
