GEM
  remote: https://rubygems.org/
  specs:
    builder (3.2.0)
    coderay (1.0.9)
    ims-lti (1.1.3)
      builder
      oauth (~> 0.4.5)
      uuid
    macaddr (1.6.1)
      systemu (~> 2.5.0)
    method_source (0.8.1)
    minitest (4.7.4)
    oauth (0.4.7)
    pry (0.9.12.1)
      coderay (~> 1.0.5)
      method_source (~> 0.8)
      slop (~> 3.4)
    puma (2.0.1)
      rack (>= 1.1, < 2.0)
    rack (1.5.2)
    rack-lti (0.0.2)
      ims-lti (~> 1.1.2)
      rack
    rack-protection (1.5.0)
      rack
    rack-test (0.6.2)
      rack (>= 1.0)
    shotgun (0.9)
      rack (>= 1.0)
    sinatra (1.4.2)
      rack (~> 1.5, >= 1.5.2)
      rack-protection (~> 1.4)
      tilt (~> 1.3, >= 1.3.4)
    slop (3.4.4)
    systemu (2.5.2)
    tilt (1.4.1)
    uuid (2.3.7)
      macaddr (~> 1.0)

PLATFORMS
  ruby

DEPENDENCIES
  minitest
  pry
  puma
  rack-lti
  rack-test
  shotgun
  sinatra
